GEM
  specs:
    thor (0.18.1)

PLATFORMS
  ruby

DEPENDENCIES
  thor
